GEM
  remote: https://rubygems.org/
  specs:
    diff-lcs (1.2.5)
    ethon (0.10.1)
      ffi (>= 1.3.0)
    ffi (1.9.14)
    rspec (3.5.0)
      rspec-core (~> 3.5.0)
      rspec-expectations (~> 3.5.0)
      rspec-mocks (~> 3.5.0)
    rspec-core (3.5.4)
      rspec-support (~> 3.5.0)
    rspec-expectations (3.5.0)
      diff-lcs (>= 1.2.0, < 2.0)
      rspec-support (~> 3.5.0)
    rspec-mocks (3.5.0)
      diff-lcs (>= 1.2.0, < 2.0)
      rspec-support (~> 3.5.0)
    rspec-support (3.5.0)
    typhoeus (1.1.2)
      ethon (>= 0.9.0)

PLATFORMS
  ruby

DEPENDENCIES
  rspec!
  typhoeus!

BUNDLED WITH
   1.13.6
